GEM
  remote: https://rubygems.org/
  specs:
    apnotic (1.7.1)
      connection_pool (~> 2)
      net-http2 (>= 0.18.3, < 2)
    ast (2.4.2)
    connection_pool (2.4.1)
    dotenv (2.8.1)
    http-2 (0.11.0)
    json (2.7.1)
    mustermann (3.0.0)
      ruby2_keywords (~> 0.0.1)
    net-http2 (0.18.5)
      http-2 (~> 0.11)
    nio4r (2.7.0)
    parallel (1.24.0)
    parser (3.2.2.4)
      ast (~> 2.4.1)
      racc
    puma (6.0.2)
      nio4r (~> 2.0)
    racc (1.7.3)
    rack (2.2.8)
    rack-protection (3.0.6)
      rack
    rainbow (3.1.1)
    regexp_parser (2.8.3)
    rexml (3.2.6)
    rubocop (1.38.0)
      json (~> 2.3)
      parallel (~> 1.10)
      parser (>= 3.1.2.1)
      rainbow (>= 2.2.2, < 4.0)
      regexp_parser (>= 1.8, < 3.0)
      rexml (>= 3.2.5, < 4.0)
      rubocop-ast (>= 1.23.0, < 2.0)
      ruby-progressbar (~> 1.7)
      unicode-display_width (>= 1.4.0, < 3.0)
    rubocop-ast (1.30.0)
      parser (>= 3.2.1.0)
    ruby-progressbar (1.13.0)
    ruby2_keywords (0.0.5)
    sinatra (3.0.6)
      mustermann (~> 3.0)
      rack (~> 2.2, >= 2.2.4)
      rack-protection (= 3.0.6)
      tilt (~> 2.0)
    tilt (2.3.0)
    unicode-display_width (2.5.0)

PLATFORMS
  ruby
  x64-mingw-ucrt

DEPENDENCIES
  apnotic (~> 1.7.0)
  dotenv (~> 2.8.1)
  puma (~> 6.0.0)
  rubocop (~> 1.38.0)
  sinatra (~> 3.0.3)

RUBY VERSION
   ruby 3.2.2p53

BUNDLED WITH
   2.3.25
